GEM
  remote: https://rubygems.org/
  specs:
    csv (3.1.2)

PLATFORMS
  ruby

DEPENDENCIES
  csv (~> 3.1, >= 3.1.2)

RUBY VERSION
   ruby 2.6.1p33

BUNDLED WITH
   1.17.2
